PATH
  remote: .
  specs:
    rallycat (0.4.1)
      builder
      nokogiri
      rally_rest_api

GEM
  remote: https://rubygems.org/
  specs:
    artifice (0.6)
      rack-test
    builder (3.0.0)
    diff-lcs (1.1.3)
    nokogiri (1.5.5)
    rack (1.4.1)
    rack-test (0.6.1)
      rack (>= 1.0)
    rake (0.9.2.2)
    rally_rest_api (1.0.3)
    rspec (2.10.0)
      rspec-core (~> 2.10.0)
      rspec-expectations (~> 2.10.0)
      rspec-mocks (~> 2.10.0)
    rspec-core (2.10.1)
    rspec-expectations (2.10.0)
      diff-lcs (~> 1.1.3)
    rspec-mocks (2.10.1)

PLATFORMS
  ruby

DEPENDENCIES
  artifice
  rake
  rallycat!
  rspec
