PATH
  remote: .
  specs:
    rallycat (0.1.0)
      builder
      nokogiri
      rally_rest_api

GEM
  remote: https://rubygems.org/
  specs:
    artifice (0.6)
      rack-test
    builder (3.0.0)
    coderay (1.0.6)
    diff-lcs (1.1.3)
    method_source (0.7.1)
    nokogiri (1.5.5)
    pry (0.9.9.6)
      coderay (~> 1.0.5)
      method_source (~> 0.7.1)
      slop (>= 2.4.4, < 3)
    rack (1.4.1)
    rack-test (0.6.1)
      rack (>= 1.0)
    rally_rest_api (1.0.3)
    rspec (2.10.0)
      rspec-core (~> 2.10.0)
      rspec-expectations (~> 2.10.0)
      rspec-mocks (~> 2.10.0)
    rspec-core (2.10.1)
    rspec-expectations (2.10.0)
      diff-lcs (~> 1.1.3)
    rspec-mocks (2.10.1)
    slop (2.4.4)

PLATFORMS
  ruby

DEPENDENCIES
  artifice
  pry
  rallycat!
  rspec
