PATH
  remote: .
  specs:
    rallycat (0.0.1)
      builder
      nokogiri
      rally_rest_api

GEM
  remote: https://rubygems.org/
  specs:
    addressable (2.2.8)
    builder (3.0.0)
    coderay (1.0.6)
    crack (0.3.1)
    diff-lcs (1.1.3)
    method_source (0.7.1)
    nokogiri (1.5.2)
    pry (0.9.9.6)
      coderay (~> 1.0.5)
      method_source (~> 0.7.1)
      slop (>= 2.4.4, < 3)
    rally_rest_api (1.0.3)
    rspec (2.10.0)
      rspec-core (~> 2.10.0)
      rspec-expectations (~> 2.10.0)
      rspec-mocks (~> 2.10.0)
    rspec-core (2.10.1)
    rspec-expectations (2.10.0)
      diff-lcs (~> 1.1.3)
    rspec-mocks (2.10.1)
    slop (2.4.4)
    vcr (2.2.0)
    webmock (1.8.7)
      addressable (>= 2.2.7)
      crack (>= 0.1.7)

PLATFORMS
  ruby

DEPENDENCIES
  pry
  rallycat!
  rspec
  vcr
  webmock
